GEM
  remote: https://rubygems.org/
  specs:
    bourbon (4.0.0)
      sass (~> 3.3)
      thor
    sass (3.3.5)
    thor (0.19.1)

PLATFORMS
  ruby

DEPENDENCIES
  bourbon (= 4.0.0)
  sass (= 3.3.5)
